PATH
  remote: .
  specs:
    renee (0.4.0.pre1)
      callsite (~> 0.0.6)
      rack (~> 1.3.0)
      tilt (~> 1.3.3)
    renee-core (0.4.0.pre1)
      rack (~> 1.3.0)
    renee-render (0.4.0.pre1)
      callsite (~> 0.0.6)
      rack (~> 1.3.0)
      renee-core (= 0.4.0.pre1)
      tilt (~> 1.3.3)
    renee-session (0.4.0.pre1)
      rack (~> 1.3.0)
      renee-core (= 0.4.0.pre1)
    renee-url-generation (0.4.0.pre1)

GEM
  remote: http://rubygems.org/
  specs:
    callsite (0.0.11)
    coderay (1.0.4)
    haml (3.1.4)
    minitest (2.11.1)
    nokogiri (1.5.0)
    rack (1.3.5)
    rack-codehighlighter (0.5.0)
      nokogiri (>= 1.4.1)
      rack (>= 1.0.0)
    rack-google-analytics (0.10.0)
    rack-test (0.6.1)
      rack (>= 1.0)
    rake (0.9.2.2)
    rdiscount (1.6.8)
    shotgun (0.9)
      rack (>= 1.0)
    tilt (1.3.3)
    yard (0.7.4)

PLATFORMS
  ruby

DEPENDENCIES
  coderay
  haml
  minitest (~> 2.11.1)
  rack-codehighlighter
  rack-google-analytics
  rack-test (>= 0.5.0)
  rake
  rdiscount
  renee!
  renee-core!
  renee-render!
  renee-session!
  renee-url-generation!
  shotgun
  yard (~> 0.7.4)
